PATH
  remote: .
  specs:
    bitmask_attributes (0.2.4)
      activerecord (>= 3, < 7)

GEM
  remote: http://rubygems.org/
  specs:
    activemodel (6.0.3.4)
      activesupport (= 6.0.3.4)
    activerecord (6.0.3.4)
      activemodel (= 6.0.3.4)
      activesupport (= 6.0.3.4)
    activesupport (6.0.3.4)
      concurrent-ruby (~> 1.0, >= 1.0.2)
      i18n (>= 0.7, < 2)
      minitest (~> 5.1)
      tzinfo (~> 1.1)
      zeitwerk (~> 2.2, >= 2.2.2)
    ansi (1.4.2)
    concurrent-ruby (1.1.7)
    i18n (1.8.5)
      concurrent-ruby (~> 1.0)
    json (1.6.5)
    minitest (5.14.2)
    rake (0.9.2.2)
    rdoc (3.12)
      json (~> 1.4)
    sdoc (0.3.16)
      json (>= 1.1.3)
      rdoc (~> 3.10)
    shoulda (2.11.3)
    sqlite3 (1.3.5)
    thread_safe (0.3.6)
    turn (0.8.3)
      ansi
    tzinfo (1.2.7)
      thread_safe (~> 0.1)
    zeitwerk (2.4.1)

PLATFORMS
  ruby

DEPENDENCIES
  bitmask_attributes!
  rake
  sdoc
  shoulda
  sqlite3 (>= 1.3.5)
  turn
